PATH
  remote: .
  specs:
    sw2-sync (0.0.2)
      nokogiri
      rake

GEM
  remote: http://rubygems.org/
  specs:
    diff-lcs (1.1.3)
    nokogiri (1.5.2)
    rake (0.9.2.2)
    rspec (2.9.0)
      rspec-core (~> 2.9.0)
      rspec-expectations (~> 2.9.0)
      rspec-mocks (~> 2.9.0)
    rspec-core (2.9.0)
    rspec-expectations (2.9.1)
      diff-lcs (~> 1.1.3)
    rspec-mocks (2.9.0)

PLATFORMS
  ruby

DEPENDENCIES
  rspec
  sw2-sync!
